!INTERFILE :=
!imaging modality := nucmed
;# imaging modality 2 := EMS
!originating system := simind
!version of keys := 3.3
program author := M Ljungberg, Lund University
program version := V6.2.1
  
!GENERAL DATA :=
original institution := Medical Radiation Physics
contact person := M Ljungberg
!data offset in bytes := 0
!name of data file := mod_proj_da2190s250_obj_21552284_d1.a00
patient name := SMC_mod_proj_da2190s250_obj_21552284_d1.a00
!study ID := simind_smc
data description := EMISSION
;# Radionuclide := simind
exam type := EMISSION
!patient ID := SIMIND
  
!GENERAL IMAGE DATA :=
patient orientation := head_in
patient rotation := supine
!type of data := tomographic
study date := 2022:11:07
study time := 23:30:29
imagedata byte order := LITTLEENDIAN
patient rotation := supine
patient orientation := head_in
;energy window lower level := 126.00
;energy window upper level := 154.00
!total number of images := 10
!number of energy windows := 1
;# Image Position First image := -217.6000 -217.6000 217.6000
;# Image Orientation := 1.000 0.000 0.000 0.000 0.000 -1.000
;# Units of data (ECT) := counts
  
!SPECT STUDY (General) :=
number of detector heads := 1
!matrix size [1] := 64
!matrix size [2] := 64
!number format := short float
!number of bytes per pixel := 4
scaling factor (mm/pixel) [1] := 6.800
scaling factor (mm/pixel) [2] := 6.800
scaling factor (mm/pixel) [3] := 6.800
!extent of rotation := 180
!process status := acquired
!number of projections := 10
!number of images/energy window := 10
!time per projection (sec) := 1.000
image duration (sec) := 10
maximum pixel count := 0.074
;# total counts := 36.014
;# Center of Rotation := 33.000
  
!SPECT STUDY (acquired data) :=
orbit := circular
;#Radius := 22.000
acquisition mode := stepped
!direction of rotation := CW
start angle := 225.570
;#X_offset := 0.000
  
;# Name of Aligned Density Map := out_hl_obj.hct
;# Name of Aligned transmission study := out_hl_obj.hct
  
;# SIMIND-SPECIFIC PARAMETERS :=
;# Intrinsic FWHM for the camera := 0.390
;# Collimator := ge-lehr
;# Collimator hole diameter := 0.150
;# Collimator hole septa := 0.020
;# Collimator thickness := 3.500
;# SIMIND: Photon Energy := 140.000
;# SIMIND: Time shift := -9999.000
  
!END OF INTERFILE :=